GEM
  remote: https://rubygems.org/
  specs:
    nokogiri (1.11.1-x86_64-darwin)
      racc (~> 1.4)
    racc (1.5.2)

PLATFORMS
  x86_64-darwin-19

DEPENDENCIES
  nokogiri

BUNDLED WITH
   2.2.4
